PATH
  remote: .
  specs:
    usps-proxy (0.0.1)
      dotenv
      sinatra
      thin
      usps

GEM
  remote: https://rubygems.org/
  specs:
    builder (3.2.2)
    coderay (1.1.0)
    daemons (1.1.9)
    dotenv (1.0.2)
    ethon (0.7.1)
      ffi (>= 1.3.0)
    eventmachine (1.0.3)
    ffi (1.9.6)
    method_source (0.8.2)
    mini_portile (0.6.1)
    nokogiri (1.6.5)
      mini_portile (~> 0.6.0)
    pry (0.10.1)
      coderay (~> 1.1.0)
      method_source (~> 0.8.1)
      slop (~> 3.4)
    rack (1.5.2)
    rack-protection (1.5.3)
      rack
    rake (10.1.0)
    sinatra (1.4.5)
      rack (~> 1.4)
      rack-protection (~> 1.4)
      tilt (~> 1.3, >= 1.3.4)
    slop (3.6.0)
    thin (1.6.3)
      daemons (~> 1.0, >= 1.0.9)
      eventmachine (~> 1.0)
      rack (~> 1.0)
    tilt (1.4.1)
    typhoeus (0.6.9)
      ethon (>= 0.7.1)
    usps (0.1.2)
      builder (>= 2.1.2)
      nokogiri (>= 1.4.1)
      typhoeus (>= 0.1.18)

PLATFORMS
  ruby

DEPENDENCIES
  pry
  rake (~> 10.0)
  usps-proxy!
